GIT
  remote: https://github.com/globalize/globalize.git
  revision: 8f1e84942a1bbe4e77ae2ce87450c43eb447bbaa
  specs:
    globalize (5.3.0)
      activemodel (>= 4.2, < 6.1)
      activerecord (>= 4.2, < 6.1)
      request_store (~> 1.0)

GIT
  remote: https://github.com/stympy/faker.git
  revision: 1a39a9a76aa9a040466ba9ee944dc2aae1ea84de
  specs:
    faker (1.9.3)
      i18n (>= 0.7)
      pastel (~> 0.7.2)
      thor (~> 0.20.0)
      tty-pager (~> 0.12.0)
      tty-screen (~> 0.6.5)
      tty-tree (~> 0.2.0)

GEM
  remote: https://rubygems.org/
  specs:
    aasm (5.0.2)
      concurrent-ruby (~> 1.0)
    actioncable (6.0.0.rc2)
      actionpack (= 6.0.0.rc2)
      nio4r (~> 2.0)
      websocket-driver (>= 0.6.1)
    actionmailbox (6.0.0.rc2)
      actionpack (= 6.0.0.rc2)
      activejob (= 6.0.0.rc2)
      activerecord (= 6.0.0.rc2)
      activestorage (= 6.0.0.rc2)
      activesupport (= 6.0.0.rc2)
      mail (>= 2.7.1)
    actionmailer (6.0.0.rc2)
      actionpack (= 6.0.0.rc2)
      actionview (= 6.0.0.rc2)
      activejob (= 6.0.0.rc2)
      mail (~> 2.5, >= 2.5.4)
      rails-dom-testing (~> 2.0)
    actionpack (6.0.0.rc2)
      actionview (= 6.0.0.rc2)
      activesupport (= 6.0.0.rc2)
      rack (~> 2.0)
      rack-test (>= 0.6.3)
      rails-dom-testing (~> 2.0)
      rails-html-sanitizer (~> 1.0, >= 1.0.2)
    actiontext (6.0.0.rc2)
      actionpack (= 6.0.0.rc2)
      activerecord (= 6.0.0.rc2)
      activestorage (= 6.0.0.rc2)
      activesupport (= 6.0.0.rc2)
      nokogiri (>= 1.8.5)
    actionview (6.0.0.rc2)
      activesupport (= 6.0.0.rc2)
      builder (~> 3.1)
      erubi (~> 1.4)
      rails-dom-testing (~> 2.0)
      rails-html-sanitizer (~> 1.0, >= 1.0.3)
    active_importer (0.2.6)
      roo
    activejob (6.0.0.rc2)
      activesupport (= 6.0.0.rc2)
      globalid (>= 0.3.6)
    activemodel (6.0.0.rc2)
      activesupport (= 6.0.0.rc2)
    activerecord (6.0.0.rc2)
      activemodel (= 6.0.0.rc2)
      activesupport (= 6.0.0.rc2)
    activestorage (6.0.0.rc2)
      actionpack (= 6.0.0.rc2)
      activejob (= 6.0.0.rc2)
      activerecord (= 6.0.0.rc2)
      marcel (~> 0.3.1)
    activesupport (6.0.0.rc2)
      concurrent-ruby (~> 1.0, >= 1.0.2)
      i18n (>= 0.7, < 2)
      minitest (~> 5.1)
      tzinfo (~> 1.1)
      zeitwerk (~> 2.1, >= 2.1.8)
    acts_as_list (0.9.19)
      activerecord (>= 3.0)
    addressable (2.6.0)
      public_suffix (>= 2.0.2, < 4.0)
    airbrussh (1.3.1)
      sshkit (>= 1.6.1, != 1.7.0)
    archive-zip (0.12.0)
      io-like (~> 0.3.0)
    aws-eventstream (1.0.2)
    aws-partitions (1.148.0)
    aws-sdk-core (3.48.3)
      aws-eventstream (~> 1.0, >= 1.0.2)
      aws-partitions (~> 1.0)
      aws-sigv4 (~> 1.1)
      jmespath (~> 1.0)
    aws-sdk-kms (1.16.0)
      aws-sdk-core (~> 3, >= 3.48.2)
      aws-sigv4 (~> 1.1)
    aws-sdk-s3 (1.36.0)
      aws-sdk-core (~> 3, >= 3.48.2)
      aws-sdk-kms (~> 1)
      aws-sigv4 (~> 1.0)
    aws-ses (0.6.0)
      builder
      mail (> 2.2.5)
      mime-types
      xml-simple
    aws-sigv4 (1.1.0)
      aws-eventstream (~> 1.0, >= 1.0.2)
    bcrypt (3.1.13)
    bindex (0.6.0)
    bootsnap (1.4.2)
      msgpack (~> 1.0)
    browser (2.5.3)
    bugsnag (6.11.1)
      concurrent-ruby (~> 1.0)
    builder (3.2.3)
    capistrano (3.11.0)
      airbrussh (>= 1.0.0)
      i18n
      rake (>= 10.0.0)
      sshkit (>= 1.9.0)
    capistrano-bundle (0.0.5)
      capistrano (>= 3.1)
    capistrano-bundler (1.5.0)
      capistrano (~> 3.1)
    capistrano-rails (1.4.0)
      capistrano (~> 3.1)
      capistrano-bundler (~> 1.1)
    capistrano-rvm (0.1.2)
      capistrano (~> 3.0)
      sshkit (~> 1.2)
    capistrano-sidekiq (1.0.2)
      capistrano (>= 3.9.0)
      sidekiq (>= 3.4)
    capistrano3-puma (3.1.1)
      capistrano (~> 3.7)
      capistrano-bundler
      puma (~> 3.4)
    capybara (3.24.0)
      addressable
      mini_mime (>= 0.1.3)
      nokogiri (~> 1.8)
      rack (>= 1.6.0)
      rack-test (>= 0.6.3)
      regexp_parser (~> 1.5)
      xpath (~> 3.2)
    childprocess (1.0.1)
      rake (< 13.0)
    chromedriver-helper (2.1.1)
      archive-zip (~> 0.10)
      nokogiri (~> 1.8)
    chronic (0.10.2)
    coderay (1.1.2)
    concurrent-ruby (1.1.5)
    connection_pool (2.2.2)
    crass (1.0.4)
    css_parser (1.7.0)
      addressable
    database_cleaner (1.7.0)
    deep_cloneable (2.4.0)
      activerecord (>= 3.1.0, < 6)
    devise (4.6.2)
      bcrypt (~> 3.0)
      orm_adapter (~> 0.1)
      railties (>= 4.1.0, < 6.0)
      responders
      warden (~> 1.2.3)
    devise-jwt (0.5.9)
      devise (~> 4.0)
      warden-jwt_auth (~> 0.3.6)
    devise_invitable (2.0.1)
      actionmailer (>= 5.0)
      devise (>= 4.6)
    diff-lcs (1.3)
    domain_name (0.5.20180417)
      unf (>= 0.0.5, < 1.0.0)
    dry-auto_inject (0.6.1)
      dry-container (>= 0.3.4)
    dry-configurable (0.8.3)
      concurrent-ruby (~> 1.0)
      dry-core (~> 0.4, >= 0.4.7)
    dry-container (0.7.1)
      concurrent-ruby (~> 1.0)
      dry-configurable (~> 0.1, >= 0.1.3)
    dry-core (0.4.7)
      concurrent-ruby (~> 1.0)
    email_reply_parser (0.5.9)
    email_reply_trimmer (0.1.12)
    equatable (0.5.0)
    erubi (1.8.0)
    et-orbi (1.1.7)
      tzinfo
    execjs (2.7.0)
    factory_girl (4.9.0)
      activesupport (>= 3.0.0)
    factory_girl_rails (4.9.0)
      factory_girl (~> 4.9.0)
      railties (>= 3.0.0)
    ffi (1.10.0)
    friendly_id (5.2.5)
      activerecord (>= 4.0.0)
    fugit (1.1.9)
      et-orbi (~> 1.1, >= 1.1.7)
      raabro (~> 1.1)
    geocoder (1.5.1)
    globalid (0.4.2)
      activesupport (>= 4.2.0)
    graphiql-rails (1.7.0)
      railties
      sprockets-rails
    graphql (1.9.4)
    groupdate (4.1.1)
      activesupport (>= 4.2)
    gutentag (2.5.0)
      activerecord (>= 3.2.0)
    haml (5.1.1)
      temple (>= 0.8.0)
      tilt
    http (4.1.1)
      addressable (~> 2.3)
      http-cookie (~> 1.0)
      http-form_data (~> 2.0)
      http_parser.rb (~> 0.6.0)
    http-cookie (1.0.3)
      domain_name (~> 0.5)
    http-form_data (2.1.1)
    http_parser.rb (0.6.0)
    i18n (1.6.0)
      concurrent-ruby (~> 1.0)
    i18n-js (3.3.0)
      i18n (>= 0.6.6)
    image_processing (1.9.1)
      mini_magick (>= 4.9.3, < 5)
      ruby-vips (>= 2.0.13, < 3)
    io-like (0.3.0)
    jbuilder (2.9.1)
      activesupport (>= 4.2.0)
    jmespath (1.4.0)
    jwe (0.4.0)
    jwt (2.1.0)
    kaminari (1.1.1)
      activesupport (>= 4.1.0)
      kaminari-actionview (= 1.1.1)
      kaminari-activerecord (= 1.1.1)
      kaminari-core (= 1.1.1)
    kaminari-actionview (1.1.1)
      actionview
      kaminari-core (= 1.1.1)
    kaminari-activerecord (1.1.1)
      activerecord
      kaminari-core (= 1.1.1)
    kaminari-core (1.1.1)
    listen (3.1.5)
      rb-fsevent (~> 0.9, >= 0.9.4)
      rb-inotify (~> 0.9, >= 0.9.7)
      ruby_dep (~> 1.2)
    loofah (2.2.3)
      crass (~> 1.0.2)
      nokogiri (>= 1.5.9)
    mail (2.7.1)
      mini_mime (>= 0.1.1)
    marcel (0.3.3)
      mimemagic (~> 0.3.2)
    method_source (0.9.2)
    mime-types (3.2.2)
      mime-types-data (~> 3.2015)
    mime-types-data (3.2019.0331)
    mimemagic (0.3.3)
    mini_magick (4.9.3)
    mini_mime (1.0.2)
    mini_portile2 (2.4.0)
    minitest (5.11.3)
    msgpack (1.2.9)
    mustache (1.1.0)
    net-scp (2.0.0)
      net-ssh (>= 2.6.5, < 6.0.0)
    net-ssh (5.2.0)
    nio4r (2.4.0)
    nokogiri (1.10.4)
      mini_portile2 (~> 2.4.0)
    orm_adapter (0.5.0)
    pastel (0.7.2)
      equatable (~> 0.5.0)
      tty-color (~> 0.4.0)
    pg (1.1.4)
    pg_search (2.3.0)
      activerecord (>= 4.2)
      activesupport (>= 4.2)
    pry (0.12.2)
      coderay (~> 1.1.0)
      method_source (~> 0.9.0)
    public_suffix (3.1.0)
    puma (3.12.1)
    raabro (1.1.6)
    rack (2.0.7)
    rack-cors (1.0.3)
    rack-protection (2.0.5)
      rack
    rack-proxy (0.6.5)
      rack
    rack-test (1.1.0)
      rack (>= 1.0, < 3)
    rails (6.0.0.rc2)
      actioncable (= 6.0.0.rc2)
      actionmailbox (= 6.0.0.rc2)
      actionmailer (= 6.0.0.rc2)
      actionpack (= 6.0.0.rc2)
      actiontext (= 6.0.0.rc2)
      actionview (= 6.0.0.rc2)
      activejob (= 6.0.0.rc2)
      activemodel (= 6.0.0.rc2)
      activerecord (= 6.0.0.rc2)
      activestorage (= 6.0.0.rc2)
      activesupport (= 6.0.0.rc2)
      bundler (>= 1.3.0)
      railties (= 6.0.0.rc2)
      sprockets-rails (>= 2.0.0)
    rails-dom-testing (2.0.3)
      activesupport (>= 4.2.0)
      nokogiri (>= 1.6)
    rails-html-sanitizer (1.2.0)
      loofah (~> 2.2, >= 2.2.2)
    railties (6.0.0.rc2)
      actionpack (= 6.0.0.rc2)
      activesupport (= 6.0.0.rc2)
      method_source
      rake (>= 0.8.7)
      thor (>= 0.20.3, < 2.0)
    rake (12.3.3)
    ransack (2.1.1)
      actionpack (>= 5.0)
      activerecord (>= 5.0)
      activesupport (>= 5.0)
      i18n
    rb-fsevent (0.10.3)
    rb-inotify (0.10.0)
      ffi (~> 1.0)
    redis (4.1.0)
    regexp_parser (1.5.1)
    request_store (1.4.1)
      rack (>= 1.4)
    responders (2.4.1)
      actionpack (>= 4.2.0, < 6.0)
      railties (>= 4.2.0, < 6.0)
    roadie (3.4.0)
      css_parser (~> 1.4)
      nokogiri (~> 1.5)
    roo (2.8.2)
      nokogiri (~> 1)
      rubyzip (>= 1.2.1, < 2.0.0)
    rspec-core (3.8.1)
      rspec-support (~> 3.8.0)
    rspec-expectations (3.8.4)
      diff-lcs (>= 1.2.0, < 2.0)
      rspec-support (~> 3.8.0)
    rspec-mocks (3.8.1)
      diff-lcs (>= 1.2.0, < 2.0)
      rspec-support (~> 3.8.0)
    rspec-rails (3.8.2)
      actionpack (>= 3.0)
      activesupport (>= 3.0)
      railties (>= 3.0)
      rspec-core (~> 3.8.0)
      rspec-expectations (~> 3.8.0)
      rspec-mocks (~> 3.8.0)
      rspec-support (~> 3.8.0)
    rspec-support (3.8.2)
    ruby-oembed (0.12.0)
    ruby-vips (2.0.14)
      ffi (~> 1.9)
    ruby_dep (1.5.0)
    rubyzip (1.2.2)
    sass (3.7.3)
      sass-listen (~> 4.0.0)
    sass-listen (4.0.0)
      rb-fsevent (~> 0.9, >= 0.9.4)
      rb-inotify (~> 0.9, >= 0.9.7)
    sass-rails (5.0.7)
      railties (>= 4.0.0, < 6)
      sass (~> 3.1)
      sprockets (>= 2.8, < 4.0)
      sprockets-rails (>= 2.0, < 4.0)
      tilt (>= 1.1, < 3)
    selenium-webdriver (3.142.3)
      childprocess (>= 0.5, < 2.0)
      rubyzip (~> 1.2, >= 1.2.2)
    shoulda (3.6.0)
      shoulda-context (~> 1.0, >= 1.0.1)
      shoulda-matchers (~> 3.0)
    shoulda-context (1.2.2)
    shoulda-matchers (3.1.3)
      activesupport (>= 4.0.0)
    sidekiq (5.2.5)
      connection_pool (~> 2.2, >= 2.2.2)
      rack (>= 1.5.0)
      rack-protection (>= 1.5.0)
      redis (>= 3.3.5, < 5)
    sidekiq-cron (1.1.0)
      fugit (~> 1.1)
      sidekiq (>= 4.2.1)
    spring (2.0.2)
      activesupport (>= 4.2)
    spring-watcher-listen (2.0.1)
      listen (>= 2.7, < 4.0)
      spring (>= 1.2, < 3.0)
    sprockets (3.7.2)
      concurrent-ruby (~> 1.0)
      rack (> 1, < 3)
    sprockets-rails (3.2.1)
      actionpack (>= 4.0)
      activesupport (>= 4.0)
      sprockets (>= 3.0.0)
    sshkit (1.18.2)
      net-scp (>= 1.1.2)
      net-ssh (>= 2.8.0)
    strings (0.1.5)
      strings-ansi (~> 0.1)
      unicode-display_width (~> 1.5)
      unicode_utils (~> 1.4)
    strings-ansi (0.1.0)
    temple (0.8.1)
    thor (0.20.3)
    thread_safe (0.3.6)
    tilt (2.0.9)
    timezone (1.3.3)
    tty-color (0.4.3)
    tty-pager (0.12.1)
      strings (~> 0.1.4)
      tty-screen (~> 0.6)
      tty-which (~> 0.4)
    tty-screen (0.6.5)
    tty-tree (0.2.0)
    tty-which (0.4.0)
    turbolinks (5.2.0)
      turbolinks-source (~> 5.2)
    turbolinks-source (5.2.0)
    tzinfo (1.2.5)
      thread_safe (~> 0.1)
    uglifier (4.1.20)
      execjs (>= 0.3.0, < 3)
    unf (0.1.4)
      unf_ext
    unf_ext (0.0.7.5)
    unicode-display_width (1.5.0)
    unicode_utils (1.4.0)
    urlcrypt (0.1.1)
    warden (1.2.8)
      rack (>= 2.0.6)
    warden-jwt_auth (0.3.6)
      dry-auto_inject (~> 0.6)
      dry-configurable (~> 0.8)
      jwt (~> 2.1)
      warden (~> 1.2)
    web-console (3.7.0)
      actionview (>= 5.0)
      activemodel (>= 5.0)
      bindex (>= 0.4.0)
      railties (>= 5.0)
    webdrivers (4.0.1)
      nokogiri (~> 1.6)
      rubyzip (~> 1.0)
      selenium-webdriver (>= 3.0, < 4.0)
    webpacker (3.6.0)
      activesupport (>= 4.2)
      rack-proxy (>= 0.6.1)
      railties (>= 4.2)
    websocket-driver (0.7.1)
      websocket-extensions (>= 0.1.0)
    websocket-extensions (0.1.4)
    xml-simple (1.1.5)
    xpath (3.2.0)
      nokogiri (~> 1.8)
    zeitwerk (2.1.9)

PLATFORMS
  ruby

DEPENDENCIES
  aasm
  active_importer
  acts_as_list (~> 0.9.19)
  aws-sdk-s3 (~> 1.15)
  aws-ses
  bootsnap (>= 1.1.0)
  browser (~> 2.5)
  bugsnag (~> 6.11)
  capistrano-bundle
  capistrano-rails
  capistrano-rvm
  capistrano-sidekiq
  capistrano3-puma
  capybara
  chromedriver-helper
  chronic (~> 0.10.2)
  database_cleaner
  deep_cloneable
  devise (= 4.6.2)
  devise-jwt (~> 0.5.9)
  devise_invitable (~> 2.0)
  email_reply_parser (~> 0.5.9)
  email_reply_trimmer
  factory_girl_rails
  faker!
  friendly_id (~> 5.2)
  geocoder (~> 1.4)
  globalize!
  graphiql-rails
  graphql (~> 1.9)
  groupdate
  gutentag (~> 2.4)
  haml
  http
  i18n-js (~> 3.3)
  image_processing (~> 1.2)
  jbuilder
  jwe
  jwt
  kaminari (~> 1.1)
  listen (>= 3.0.5, < 3.2)
  mini_magick (~> 4.8)
  mustache
  pg
  pg_search
  pry
  puma (~> 3.11)
  rack-cors (~> 1.0)
  rails (= 6.0.0.rc2)
  ransack
  redis (~> 4.0)
  roadie
  roo
  rspec-core
  rspec-expectations
  rspec-mocks
  rspec-rails
  rspec-support
  ruby-oembed
  sass-rails (~> 5.0)
  shoulda
  shoulda-matchers
  sidekiq
  sidekiq-cron
  spring
  spring-watcher-listen (~> 2.0.0)
  timezone (~> 1.2)
  turbolinks (~> 5)
  tzinfo-data
  uglifier (>= 1.3.0)
  urlcrypt
  web-console (>= 3.3.0)
  webdrivers
  webpacker (~> 3.5)

RUBY VERSION
   ruby 2.5.0p0

BUNDLED WITH
   1.16.6
